PATH
  remote: .
  specs:
    mosql (0.4.3)
      bson (~> 1.10)
      bson_ext (~> 1.10)
      json
      log4r
      mongo (~> 1.10)
      mongoriver (= 0.4)
      pg
      rake
      sequel

GEM
  remote: https://rubygems.org/
  specs:
    bson (1.12.5)
    bson_ext (1.12.5)
      bson (~> 1.12.5)
    json (2.3.0)
    log4r (1.1.10)
    minitest (5.14.0)
    mocha (1.11.2)
    mongo (1.12.5)
      bson (= 1.12.5)
    mongoriver (0.4.0)
      bson_ext
      log4r
      mongo (>= 1.7)
    pg (1.2.2)
    rake (13.0.1)
    sequel (5.28.0)

PLATFORMS
  ruby

DEPENDENCIES
  minitest
  mocha
  mosql!
